PATH
  remote: .
  specs:
    clusterlb (0.1.6)
      colorize (~> 0.8.1)
      console_table (~> 0.3.0)
      fileutils (= 0.7.2)
      json (~> 2.2, >= 2.2.0)

GEM
  remote: https://rubygems.org/
  specs:
    colorize (0.8.1)
    console_table (0.3.0)
      ruby-terminfo (~> 0.1)
    fileutils (0.7.2)
    json (2.2.0)
    rake (12.3.2)
    ruby-terminfo (0.1.1)

PLATFORMS
  ruby

DEPENDENCIES
  bundler (~> 2.0.2)
  clusterlb!
  rake (~> 12.3.2)

BUNDLED WITH
   2.0.2
