PATH
  remote: .
  specs:
    clusterlb (0.1.28)
      aws-sdk-s3 (~> 1.46)
      colorize (~> 0.8.1)
      console_table (~> 0.3.0)
      fileutils (= 0.7.2)
      inifile (~> 3.0, >= 3.0.0)
      json (~> 2.2, >= 2.2.0)
      net-ssh (~> 5.2)

GEM
  remote: https://rubygems.org/
  specs:
    aws-eventstream (1.0.3)
    aws-partitions (1.202.0)
    aws-sdk-core (3.62.0)
      aws-eventstream (~> 1.0, >= 1.0.2)
      aws-partitions (~> 1.0)
      aws-sigv4 (~> 1.1)
      jmespath (~> 1.0)
    aws-sdk-kms (1.24.0)
      aws-sdk-core (~> 3, >= 3.61.1)
      aws-sigv4 (~> 1.1)
    aws-sdk-s3 (1.46.0)
      aws-sdk-core (~> 3, >= 3.61.1)
      aws-sdk-kms (~> 1)
      aws-sigv4 (~> 1.1)
    aws-sigv4 (1.1.0)
      aws-eventstream (~> 1.0, >= 1.0.2)
    colorize (0.8.1)
    console_table (0.3.0)
      ruby-terminfo (~> 0.1)
    fileutils (0.7.2)
    inifile (3.0.0)
    jmespath (1.4.0)
    json (2.3.1)
    net-ssh (5.2.0)
    rake (12.3.3)
    ruby-terminfo (0.1.1)

PLATFORMS
  ruby

DEPENDENCIES
  bundler (~> 2.0.2)
  clusterlb!
  rake (~> 12.3.2)

BUNDLED WITH
   2.0.2
